GIT
  remote: git://github.com/davejlong/cog-rb.git
  revision: 65c81415087f29d53acb68f08e4db644c92e1dc1
  branch: camelize-bundles
  specs:
    cog-rb (0.4.4)
      rake (~> 11.2)

GEM
  remote: https://rubygems.org/
  specs:
    coderay (1.1.1)
    method_source (0.8.2)
    pry (0.10.4)
      coderay (~> 1.1.0)
      method_source (~> 0.8.1)
      slop (~> 3.4)
    rake (11.3.0)
    slop (3.6.0)

PLATFORMS
  ruby

DEPENDENCIES
  bundler
  cog-rb!
  pry
  rake

BUNDLED WITH
   1.15.1
